GEM
  remote: https://rubygems.org/
  specs:
    rdiscount (1.6.8)
    sass (3.2.1)

PLATFORMS
  ruby

DEPENDENCIES
  rdiscount
  sass
